GEM
  remote: http://rubygems.org/
  specs:
    activesupport (3.0.9)
    diff-lcs (1.1.2)
    git (1.2.5)
    i18n (0.6.0)
    jeweler (1.6.4)
      bundler (~> 1.0)
      git (>= 1.2.5)
      rake
    rake (0.9.2)
    rcov (0.9.9)
    rspec (2.6.0)
      rspec-core (~> 2.6.0)
      rspec-expectations (~> 2.6.0)
      rspec-mocks (~> 2.6.0)
    rspec-core (2.6.4)
    rspec-expectations (2.6.0)
      diff-lcs (~> 1.1.2)
    rspec-mocks (2.6.0)
    shoulda (2.11.3)
    sugar-high (0.5.5)
      activesupport (>= 3.0.1)
    sweetloader (0.1.0)
      activesupport (>= 3.0.1)
      i18n

PLATFORMS
  ruby

DEPENDENCIES
  activesupport (>= 3.0.1)
  bundler (~> 1.0.10)
  i18n
  jeweler (>= 1.6.4)
  rcov
  rspec (>= 2.5)
  shoulda
  sugar-high (>= 0.5.3)
  sweetloader (>= 0.1.0)
